GIT
  remote: git://github.com/aj0strow/espn-scraper.git
  revision: 123b43b5ab797cb691b6748cca8d48a4cb641778
  specs:
    espn_scraper (1.0.4)
      httparty
      nokogiri

GEM
  remote: https://rubygems.org/
  specs:
    httparty (0.12.0)
      json (~> 1.8)
      multi_xml (>= 0.5.2)
    json (1.8.1)
    mini_portile (0.5.2)
    multi_xml (0.5.5)
    nokogiri (1.6.1)
      mini_portile (~> 0.5.0)

PLATFORMS
  ruby

DEPENDENCIES
  espn_scraper!
  nokogiri
